GEM
  remote: https://rubygems.org/
  specs:
    actionmailer (4.0.3)
      actionpack (= 4.0.3)
      mail (~> 2.5.4)
    actionpack (4.0.3)
      activesupport (= 4.0.3)
      builder (~> 3.1.0)
      erubis (~> 2.7.0)
      rack (~> 1.5.2)
      rack-test (~> 0.6.2)
    active_link_to (1.0.3)
      actionpack
    activemodel (4.0.3)
      activesupport (= 4.0.3)
      builder (~> 3.1.0)
    activerecord (4.0.3)
      activemodel (= 4.0.3)
      activerecord-deprecated_finders (~> 1.0.2)
      activesupport (= 4.0.3)
      arel (~> 4.0.0)
    activerecord-deprecated_finders (1.0.3)
    activesupport (4.0.3)
      i18n (~> 0.6, >= 0.6.4)
      minitest (~> 4.2)
      multi_json (~> 1.3)
      thread_safe (~> 0.1)
      tzinfo (~> 0.3.37)
    arel (4.0.2)
    asset_sync (1.0.0)
      activemodel
      fog (>= 1.8.0)
    bootstrap-sass (3.1.1.1)
      sass (~> 3.2)
    bootstrap_form (2.1.1)
    builder (3.1.4)
    capybara (2.1.0)
      mime-types (>= 1.16)
      nokogiri (>= 1.3.3)
      rack (>= 1.0.0)
      rack-test (>= 0.5.4)
      xpath (~> 2.0)
    childprocess (0.5.1)
      ffi (~> 1.0, >= 1.0.11)
    chunky_png (1.3.0)
    climate_control (0.0.3)
      activesupport (>= 3.0)
    cocaine (0.5.7)
      climate_control (>= 0.0.3, < 1.0)
    codemirror-rails (5.6)
      railties (>= 3.0, < 5)
    coffee-rails (4.0.1)
      coffee-script (>= 2.2.0)
      railties (>= 4.0.0, < 5.0)
    coffee-script (2.2.0)
      coffee-script-source
      execjs
    coffee-script-source (1.7.0)
    comfortable_mexican_sofa (1.12.2)
      active_link_to (>= 1.0.0)
      bootstrap-sass (~> 3.1.0)
      bootstrap_form (~> 2.1.1)
      codemirror-rails (>= 3.0.0)
      coffee-rails (>= 3.1.0)
      haml-rails (>= 0.3.0)
      jquery-rails (>= 3.0.0)
      jquery-ui-rails (>= 5.0.0)
      kaminari (>= 0.14.0)
      kramdown (>= 1.0.0)
      paperclip (>= 4.0.0)
      rails (>= 4.0.0)
      rails-i18n (~> 4.0.0)
      sass-rails (>= 4.0.1)
      tinymce-rails (>= 4.0.0)
    compass (0.12.3)
      chunky_png (~> 1.2)
      fssm (>= 0.2.7)
      sass (= 3.2.14)
    compass-rails (1.1.7)
      compass (>= 0.12.2)
      sprockets (<= 2.11.0)
    diff-lcs (1.2.5)
    erubis (2.7.0)
    excon (0.32.1)
    execjs (2.0.2)
    ffi (1.9.3)
    ffi (1.9.3-x86-mingw32)
    fog (1.21.0)
      fog-brightbox
      fog-core (~> 1.21, >= 1.21.1)
      fog-json
      nokogiri (~> 1.5, >= 1.5.11)
    fog-brightbox (0.0.1)
      fog-core
      fog-json
    fog-core (1.21.1)
      builder
      excon (~> 0.32)
      formatador (~> 0.2.0)
      mime-types
      net-scp (~> 1.1)
      net-ssh (>= 2.1.3)
    fog-json (1.0.0)
      multi_json (~> 1.0)
    formatador (0.2.4)
    fssm (0.2.10)
    goose (0.8.0)
    haml (4.0.5)
      tilt
    haml-rails (0.5.3)
      actionpack (>= 4.0.1)
      activesupport (>= 4.0.1)
      haml (>= 3.1, < 5.0)
      railties (>= 4.0.1)
    hike (1.2.3)
    i18n (0.6.9)
    jbuilder (1.0.2)
      activesupport (>= 3.0.0)
    jquery-rails (3.0.4)
      railties (>= 3.0, < 5.0)
      thor (>= 0.14, < 2.0)
    jquery-ui-rails (5.0.5)
      railties (>= 3.2.16)
    json (1.8.1)
    kaminari (0.16.3)
      actionpack (>= 3.0.0)
      activesupport (>= 3.0.0)
    kramdown (1.8.0)
    mail (2.5.4)
      mime-types (~> 1.16)
      treetop (~> 1.4.8)
    mime-types (1.25.1)
    mimemagic (0.3.0)
    mini_portile (0.5.2)
    minitest (4.7.5)
    mobileesp_converted (0.2.3)
    mobvious (0.3.2)
      mobileesp_converted (~> 0.2.0)
      rack (>= 1.1.0)
    mobvious-rails (0.1.2)
      activesupport
      mobvious
    multi_json (1.9.0)
    net-scp (1.1.2)
      net-ssh (>= 2.6.5)
    net-ssh (2.8.0)
    newrelic_rpm (3.7.3.204)
    nokogiri (1.6.1)
      mini_portile (~> 0.5.0)
    nokogiri (1.6.1-x86-mingw32)
      mini_portile (~> 0.5.0)
    oily_png (1.1.1)
      chunky_png (~> 1.3.0)
    paperclip (4.3.1)
      activemodel (>= 3.2.0)
      activesupport (>= 3.2.0)
      cocaine (~> 0.5.5)
      mime-types
      mimemagic (= 0.3.0)
    pg (0.15.1)
    pg (0.15.1-x86-mingw32)
    polyglot (0.3.4)
    rack (1.5.2)
    rack-test (0.6.2)
      rack (>= 1.0)
    rails (4.0.3)
      actionmailer (= 4.0.3)
      actionpack (= 4.0.3)
      activerecord (= 4.0.3)
      activesupport (= 4.0.3)
      bundler (>= 1.3.0, < 2.0)
      railties (= 4.0.3)
      sprockets-rails (~> 2.0.0)
    rails-i18n (4.0.5)
      i18n (~> 0.6)
      railties (~> 4.0)
    rails_12factor (0.0.2)
      rails_serve_static_assets
      rails_stdout_logging
    rails_serve_static_assets (0.0.2)
    rails_stdout_logging (0.0.3)
    railties (4.0.3)
      actionpack (= 4.0.3)
      activesupport (= 4.0.3)
      rake (>= 0.8.7)
      thor (>= 0.18.1, < 2.0)
    rake (10.1.1)
    rdoc (3.12.2)
      json (~> 1.4)
    rspec-core (2.13.1)
    rspec-expectations (2.13.0)
      diff-lcs (>= 1.1.3, < 2.0)
    rspec-mocks (2.13.1)
    rspec-rails (2.13.1)
      actionpack (>= 3.0)
      activesupport (>= 3.0)
      railties (>= 3.0)
      rspec-core (~> 2.13.0)
      rspec-expectations (~> 2.13.0)
      rspec-mocks (~> 2.13.0)
    rubyzip (0.9.9)
    sass (3.2.14)
    sass-rails (4.0.2)
      railties (>= 4.0.0, < 5.0)
      sass (~> 3.2.0)
      sprockets (~> 2.8, <= 2.11.0)
      sprockets-rails (~> 2.0.0)
    sdoc (0.3.20)
      json (>= 1.1.3)
      rdoc (~> 3.10)
    selenium-webdriver (2.35.1)
      childprocess (>= 0.2.5)
      multi_json (~> 1.0)
      rubyzip (< 1.0.0)
      websocket (~> 1.0.4)
    sprockets (2.11.0)
      hike (~> 1.2)
      multi_json (~> 1.0)
      rack (~> 1.0)
      tilt (~> 1.1, != 1.3.0)
    sprockets-rails (2.0.1)
      actionpack (>= 3.0)
      activesupport (>= 3.0)
      sprockets (~> 2.8)
    sqlite3 (1.3.8)
    sqlite3 (1.3.8-x86-mingw32)
    susy (1.0.9)
      compass (>= 0.12.2)
      sass (>= 3.2.0)
    thor (0.18.1)
    thread_safe (0.3.5)
    tilt (1.4.1)
    tinymce-rails (4.2.5)
      railties (>= 3.1.1)
    treetop (1.4.15)
      polyglot
      polyglot (>= 0.3.1)
    tzinfo (0.3.39)
    uglifier (2.1.1)
      execjs (>= 0.3.0)
      multi_json (~> 1.0, >= 1.0.2)
    unf (0.1.3)
      unf_ext
    unf_ext (0.0.6)
    unf_ext (0.0.6-x86-mingw32)
    websocket (1.0.7)
    xpath (2.0.0)
      nokogiri (~> 1.3)

PLATFORMS
  ruby
  x86-mingw32

DEPENDENCIES
  asset_sync
  capybara (= 2.1.0)
  coffee-rails (= 4.0.1)
  comfortable_mexican_sofa (~> 1.12.0)
  compass-rails
  goose
  haml-rails
  jbuilder (= 1.0.2)
  jquery-rails (= 3.0.4)
  kaminari
  mobvious
  mobvious-rails
  newrelic_rpm
  oily_png
  pg (= 0.15.1)
  rails (= 4.0.3)
  rails_12factor (= 0.0.2)
  rspec-rails (= 2.13.1)
  sass-rails (= 4.0.2)
  sdoc (= 0.3.20)
  selenium-webdriver (= 2.35.1)
  sqlite3 (= 1.3.8)
  susy
  uglifier (= 2.1.1)
  unf
